GIT
  remote: git@github.com:jeffkreeftmeijer/dracula.git
  revision: e2f7eb3385a216acbc9df44bc555c01e4d8e8506
  specs:
    dracula (0.1.0)
      pygments.rb (~> 0.4.2)
      redcarpet (~> 2.2.2)

GEM
  remote: http://rubygems.org/
  specs:
    aws-sdk (1.50.0)
      json (~> 1.4)
      nokogiri (>= 1.4.4)
    json (1.8.1)
    mini_portile (0.6.0)
    nokogiri (1.6.3.1)
      mini_portile (= 0.6.0)
    posix-spawn (0.3.9)
    pygments.rb (0.4.2)
      posix-spawn (~> 0.3.6)
      yajl-ruby (~> 1.1.0)
    rake (10.3.2)
    redcarpet (2.2.2)
    yajl-ruby (1.1.0)

PLATFORMS
  ruby

DEPENDENCIES
  aws-sdk
  dracula!
  rake
